GEM
  remote: https://rubygems.org/
  specs:
    dotenv (2.0.0)
    gitlab (3.3.0)
      httparty
      terminal-table
    httparty (0.13.3)
      json (~> 1.8)
      multi_xml (>= 0.5.2)
    json (1.8.2)
    multi_xml (0.5.5)
    terminal-table (1.4.5)
    thor (0.19.1)

PLATFORMS
  ruby

DEPENDENCIES
  dotenv
  gitlab
  thor
